GEM
  specs:
    actionpack (7.0.2.2)
      actionview (= 7.0.2.2)
      activesupport (= 7.0.2.2)
      rack (~> 2.0, >= 2.2.0)
      rack-test (>= 0.6.3)
      rails-dom-testing (~> 2.0)
      rails-html-sanitizer (~> 1.0, >= 1.2.0)
    actionview (7.0.2.2)
      activesupport (= 7.0.2.2)
      builder (~> 3.1)
      erubi (~> 1.4)
      rails-dom-testing (~> 2.0)
      rails-html-sanitizer (~> 1.1, >= 1.2.0)
    activesupport (7.0.2.2)
      concurrent-ruby (~> 1.0, >= 1.0.2)
      i18n (>= 1.6, < 2)
      minitest (>= 5.1)
      tzinfo (~> 2.0)
    builder (3.2.4)
    concurrent-ruby (1.1.9)
    crass (1.0.6)
    diff-lcs (1.5.0)
    erubi (1.10.0)
    i18n (1.10.0)
      concurrent-ruby (~> 1.0)
    io-wait (0.2.1)
    json_matchers (0.11.1)
      json_schema
    json_schema (0.21.0)
    loofah (2.14.0)
      crass (~> 1.0.2)
      nokogiri (>= 1.5.9)
    method_source (1.0.0)
    minitest (5.15.0)
    net-http (0.1.1)
      net-protocol
      uri
    net-protocol (0.1.2)
      io-wait
      timeout
    nokogiri (1.13.1-x86_64-linux)
      racc (~> 1.4)
    racc (1.6.0)
    rack (2.2.3)
    rack-test (1.1.0)
      rack (>= 1.0, < 3)
    rails-dom-testing (2.0.3)
      activesupport (>= 4.2.0)
      nokogiri (>= 1.6)
    rails-html-sanitizer (1.4.2)
      loofah (~> 2.3)
    railties (7.0.2.2)
      actionpack (= 7.0.2.2)
      activesupport (= 7.0.2.2)
      method_source
      rake (>= 12.2)
      thor (~> 1.0)
      zeitwerk (~> 2.5)
    rake (13.0.6)
    rspec (3.11.0)
      rspec-core (~> 3.11.0)
      rspec-expectations (~> 3.11.0)
      rspec-mocks (~> 3.11.0)
    rspec-core (3.11.0)
      rspec-support (~> 3.11.0)
    rspec-expectations (3.11.0)
      diff-lcs (>= 1.2.0, < 2.0)
      rspec-support (~> 3.11.0)
    rspec-mocks (3.11.0)
      diff-lcs (>= 1.2.0, < 2.0)
      rspec-support (~> 3.11.0)
    rspec-rails (5.1.0)
      actionpack (>= 5.2)
      activesupport (>= 5.2)
      railties (>= 5.2)
      rspec-core (~> 3.10)
      rspec-expectations (~> 3.10)
      rspec-mocks (~> 3.10)
      rspec-support (~> 3.10)
    rspec-support (3.11.0)
    thor (1.2.1)
    timeout (0.2.0)
    tzinfo (2.0.4)
      concurrent-ruby (~> 1.0)
    uri (0.10.1)
    zeitwerk (2.5.4)

PLATFORMS
  x86_64-linux

DEPENDENCIES
  json_matchers
  json_schema
  net-http
  rspec
  rspec-expectations
  rspec-rails

BUNDLED WITH
   2.3.6
